PATH
  remote: .
  specs:
    rocleung_apsa (0.1.2)
      jwt (= 2.8.0)

GEM
  remote: https://gems.ruby-china.com/
  specs:
    base64 (0.2.0)
    diff-lcs (1.5.1)
    jwt (2.8.0)
      base64
    rake (13.2.1)
    rspec (3.13.0)
      rspec-core (~> 3.13.0)
      rspec-expectations (~> 3.13.0)
      rspec-mocks (~> 3.13.0)
    rspec-core (3.13.0)
      rspec-support (~> 3.13.0)
    rspec-expectations (3.13.0)
      diff-lcs (>= 1.2.0, < 2.0)
      rspec-support (~> 3.13.0)
    rspec-mocks (3.13.1)
      diff-lcs (>= 1.2.0, < 2.0)
      rspec-support (~> 3.13.0)
    rspec-support (3.13.1)

PLATFORMS
  arm64-darwin-23
  ruby

DEPENDENCIES
  rake (~> 13.0)
  rocleung_apsa!
  rspec (~> 3.0)

BUNDLED WITH
   1.17.3
